GEM
  remote: https://rubygems.org/
  specs:
    coderay (1.1.0)
    dotenv (2.0.0)
    ffi (1.9.8-java)
    jsmin (1.0.1)
    method_source (0.8.2)
    pry (0.10.1)
      coderay (~> 1.1.0)
      method_source (~> 0.8.1)
      slop (~> 3.4)
    pry (0.10.1-java)
      coderay (~> 1.1.0)
      method_source (~> 0.8.1)
      slop (~> 3.4)
      spoon (~> 0.0)
    puma (2.11.1)
      rack (>= 1.1, < 2.0)
    puma (2.11.1-java)
      rack (>= 1.1, < 2.0)
    rack (1.6.0)
    rack-protection (1.5.3)
      rack
    rack-test (0.6.3)
      rack (>= 1.0)
    rake (10.4.2)
    sinatra (1.4.6)
      rack (~> 1.4)
      rack-protection (~> 1.4)
      tilt (>= 1.3, < 3)
    sinatra-assetpack (0.3.3)
      jsmin
      rack-test
      sinatra
      tilt (>= 1.3.0, < 2.0)
    sinatra-partial (0.4.0)
      sinatra
    slim (3.0.3)
      temple (~> 0.7.3)
      tilt (>= 1.3.3, < 2.1)
    slop (3.6.0)
    spoon (0.0.4)
      ffi
    temple (0.7.5)
    tilt (1.4.1)

PLATFORMS
  java
  ruby

DEPENDENCIES
  dotenv
  pry
  puma
  rack
  rake
  sinatra
  sinatra-assetpack
  sinatra-partial
  slim
