GEM
  remote: https://rubygems.org/
  specs:
    bacon (1.2.0)
    coderay (1.1.1)
    dotenv (2.1.1)
    jsmin (1.0.1)
    method_source (0.8.2)
    pg (0.18.4)
    pry (0.10.4)
      coderay (~> 1.1.0)
      method_source (~> 0.8.1)
      slop (~> 3.4)
    puma (3.6.0)
    rack (1.6.4)
    rack-protection (1.5.3)
      rack
    rack-test (0.6.3)
      rack (>= 1.0)
    rake (11.2.2)
    sequel (4.37.0)
    sinatra (1.4.7)
      rack (~> 1.5)
      rack-protection (~> 1.4)
      tilt (>= 1.3, < 3)
    sinatra-assetpack (0.3.5)
      jsmin
      rack-test
      sinatra
      tilt (>= 1.3.0, < 2.0)
    sinatra-partial (1.0.0)
      sinatra (~> 1.4)
    sinatra-sequel (0.9.0)
      sequel (>= 3.2.0)
      sinatra (>= 0.9.4)
    slim (3.0.7)
      temple (~> 0.7.6)
      tilt (>= 1.3.3, < 2.1)
    slop (3.6.0)
    temple (0.7.7)
    tilt (1.4.1)

PLATFORMS
  ruby

DEPENDENCIES
  bacon
  dotenv
  pg
  pry
  puma
  rack
  rake
  sinatra
  sinatra-assetpack
  sinatra-partial
  sinatra-sequel
  slim

RUBY VERSION
   ruby 2.3.1p112

BUNDLED WITH
   1.12.5
